GEM
  remote: https://rubygems.org/
  specs:
    action_operation (2.2.0)
      activesupport (>= 5.2, >= 5.0.0, >= 4.1, >= 4.0.0)
      smart_params (>= 2.0)
    actioncable (5.2.3)
      actionpack (= 5.2.3)
      nio4r (~> 2.0)
      websocket-driver (>= 0.6.1)
    actionmailer (5.2.3)
      actionpack (= 5.2.3)
      actionview (= 5.2.3)
      activejob (= 5.2.3)
      mail (~> 2.5, >= 2.5.4)
      rails-dom-testing (~> 2.0)
    actionpack (5.2.3)
      actionview (= 5.2.3)
      activesupport (= 5.2.3)
      rack (~> 2.0)
      rack-test (>= 0.6.3)
      rails-dom-testing (~> 2.0)
      rails-html-sanitizer (~> 1.0, >= 1.0.2)
    actionview (5.2.3)
      activesupport (= 5.2.3)
      builder (~> 3.1)
      erubi (~> 1.4)
      rails-dom-testing (~> 2.0)
      rails-html-sanitizer (~> 1.0, >= 1.0.3)
    active_record-pool (2.0.0)
      activerecord (~> 5.0)
    active_record_query_trace (1.5.4)
    activejob (5.2.3)
      activesupport (= 5.2.3)
      globalid (>= 0.3.6)
    activemodel (5.2.3)
      activesupport (= 5.2.3)
    activemodel-serializers-xml (1.0.2)
      activemodel (> 5.x)
      activesupport (> 5.x)
      builder (~> 3.1)
    activerecord (5.2.3)
      activemodel (= 5.2.3)
      activesupport (= 5.2.3)
      arel (>= 9.0)
    activerecord-like (2.2)
      activerecord (>= 5.0.0)
    activerecord-safer_migrations (2.0.0)
      activerecord (>= 4.0)
    activestorage (5.2.3)
      actionpack (= 5.2.3)
      activerecord (= 5.2.3)
      marcel (~> 0.3.1)
    activesupport (5.2.3)
      concurrent-ruby (~> 1.0, >= 1.0.2)
      i18n (>= 0.7, < 2)
      minitest (~> 5.1)
      tzinfo (~> 1.1)
    addressable (2.6.0)
      public_suffix (>= 2.0.2, < 4.0)
    ar_after_transaction (0.5.0)
      activerecord (> 3.2.0, < 5.3)
    arel (9.0.0)
    ast (2.4.0)
    baby_squeel (1.3.1)
      activerecord (>= 4.2.0)
      join_dependency (~> 0.1.2)
      polyamorous (~> 1.3)
    bcrypt (3.1.13)
    bootsnap (1.4.4)
      msgpack (~> 1.0)
    brakeman (4.6.1)
    builder (3.2.3)
    bullet (6.0.2)
      activesupport (>= 3.0.0)
      uniform_notifier (~> 1.11)
    bundler-audit (0.6.1)
      bundler (>= 1.2.0, < 3)
      thor (~> 0.18)
    byebug (11.0.1)
    coderay (1.1.2)
    concurrent-ruby (1.1.5)
    connection_pool (2.2.2)
    crass (1.0.5)
    database_cleaner (1.7.0)
    devise (4.7.1)
      bcrypt (~> 3.0)
      orm_adapter (~> 0.1)
      railties (>= 4.1.0)
      responders
      warden (~> 1.2.3)
    devise-async (1.0.0)
      activejob (>= 5.0)
      devise (>= 4.0)
    devise-security (0.14.3)
      devise (>= 4.3.0, < 5.0)
      rails (>= 4.2.0, < 7.0)
    diff-lcs (1.3)
    dotenv (2.7.5)
    dotenv-rails (2.7.5)
      dotenv (= 2.7.5)
      railties (>= 3.2, < 6.1)
    down (4.8.1)
      addressable (~> 2.5)
    draper (3.1.0)
      actionpack (>= 5.0)
      activemodel (>= 5.0)
      activemodel-serializers-xml (>= 1.0)
      activesupport (>= 5.0)
      request_store (>= 1.0)
    dry-configurable (0.8.3)
      concurrent-ruby (~> 1.0)
      dry-core (~> 0.4, >= 0.4.7)
    dry-container (0.7.2)
      concurrent-ruby (~> 1.0)
      dry-configurable (~> 0.1, >= 0.1.3)
    dry-core (0.4.9)
      concurrent-ruby (~> 1.0)
    dry-equalizer (0.2.2)
    dry-inflector (0.1.2)
    dry-logic (0.6.1)
      concurrent-ruby (~> 1.0)
      dry-core (~> 0.2)
      dry-equalizer (~> 0.2)
    dry-types (0.15.0)
      concurrent-ruby (~> 1.0)
      dry-container (~> 0.3)
      dry-core (~> 0.4, >= 0.4.4)
      dry-equalizer (~> 0.2, >= 0.2.2)
      dry-inflector (~> 0.1, >= 0.1.2)
      dry-logic (~> 0.5, >= 0.5)
    erubi (1.9.0)
    et-orbi (1.2.2)
      tzinfo
    factory_bot (5.0.2)
      activesupport (>= 4.2.0)
    factory_bot_rails (5.0.2)
      factory_bot (~> 5.0.2)
      railties (>= 4.2.0)
    faker (2.1.2)
      i18n (>= 0.8)
    ffi (1.11.1)
    flag_shih_tzu (0.3.23)
    flamegraph (0.9.5)
    flipper (0.16.2)
    friendly_id (5.2.5)
      activerecord (>= 4.0.0)
    fugit (1.3.2)
      et-orbi (~> 1.1, >= 1.1.8)
      raabro (~> 1.1)
    geocoder (1.5.1)
    get_process_mem (0.2.4)
      ffi (~> 1.0)
    globalid (0.4.2)
      activesupport (>= 4.2.0)
    goldiloader (3.1.0)
      activerecord (>= 4.2, < 6.1)
      activesupport (>= 4.2, < 6.1)
    google_places (1.2.0)
      httparty (>= 0.13.1)
    groupdate (4.1.2)
      activesupport (>= 4.2)
    gutentag (2.5.2)
      activerecord (>= 3.2.0)
    hashie (3.6.0)
    highline (2.0.1)
    hiredis (0.6.3)
    httparty (0.17.0)
      mime-types (~> 3.0)
      multi_xml (>= 0.5.2)
    i18n (1.7.0)
      concurrent-ruby (~> 1.0)
    jaro_winkler (1.5.3)
    join_dependency (0.1.4)
      activerecord (>= 4.2.0)
    jsonapi-materializer (1.0.0.rc6)
      activesupport (>= 5.1, >= 5.0.0, >= 4.2, >= 4.0.0)
      addressable (~> 2.5)
      kaminari (~> 1.1)
    jsonapi-realizer (6.0.0.rc3)
      activesupport (>= 5.1, >= 5.0.0, >= 4.2, >= 4.0.0)
      addressable (~> 2.5)
      kaminari (~> 1.1)
    kaminari (1.1.1)
      activesupport (>= 4.1.0)
      kaminari-actionview (= 1.1.1)
      kaminari-activerecord (= 1.1.1)
      kaminari-core (= 1.1.1)
    kaminari-actionview (1.1.1)
      actionview
      kaminari-core (= 1.1.1)
    kaminari-activerecord (1.1.1)
      activerecord
      kaminari-core (= 1.1.1)
    kaminari-core (1.1.1)
    listen (3.1.5)
      rb-fsevent (~> 0.9, >= 0.9.4)
      rb-inotify (~> 0.9, >= 0.9.7)
      ruby_dep (~> 1.2)
    loofah (2.3.1)
      crass (~> 1.0.2)
      nokogiri (>= 1.5.9)
    mail (2.7.1)
      mini_mime (>= 0.1.1)
    marcel (0.3.3)
      mimemagic (~> 0.3.2)
    memory_profiler (0.9.12)
    method_source (0.9.2)
    migration_data (0.3.1)
    mime-types (3.2.2)
      mime-types-data (~> 3.2015)
    mime-types-data (3.2019.0331)
    mimemagic (0.3.3)
    mini_magick (4.9.4)
    mini_mime (1.0.2)
    mini_portile2 (2.6.1)
    minitest (5.12.2)
    monetize (1.9.2)
      money (~> 6.12)
    money (6.13.4)
      i18n (>= 0.6.4, <= 2)
    money-rails (1.13.2)
      activesupport (>= 3.0)
      monetize (~> 1.9.0)
      money (~> 6.13.2)
      railties (>= 3.0)
    msgpack (1.3.1)
    multi_xml (0.6.0)
    nio4r (2.4.0)
    nokogiri (1.12.5)
      mini_portile2 (~> 2.6.1)
      racc (~> 1.4)
    omniauth (1.9.0)
      hashie (>= 3.4.6, < 3.7.0)
      rack (>= 1.6.2, < 3)
    orm_adapter (0.5.0)
    paper_trail (10.0.1)
      activerecord (>= 4.2, < 5.3)
      request_store (~> 1.1)
    paper_trail-background (1.0.2)
      ar_after_transaction (= 0.5.0)
      paper_trail (= 10.0.1)
    parallel (1.17.0)
    parser (2.6.3.0)
      ast (~> 2.4.0)
    pg (1.1.4)
    polyamorous (1.3.3)
      activerecord (>= 3.0)
    powerpack (0.1.2)
    pry (0.12.2)
      coderay (~> 1.1.0)
      method_source (~> 0.9.0)
    pry-byebug (3.7.0)
      byebug (~> 11.0)
      pry (~> 0.10)
    pry-doc (1.0.0)
      pry (~> 0.11)
      yard (~> 0.9.11)
    pry-rails (0.3.9)
      pry (>= 0.10.4)
    public_suffix (3.1.1)
    puma (4.1.0)
      nio4r (~> 2.0)
    puma_worker_killer (0.1.1)
      get_process_mem (~> 0.2)
      puma (>= 2.7, < 5)
    pundit (2.1.0)
      activesupport (>= 3.0.0)
    raabro (1.1.6)
    racc (1.5.2)
    rack (2.0.7)
    rack-attack (5.4.2)
      rack (>= 1.0, < 3)
    rack-authentication_bearer (2.0.2)
    rack-cors (1.0.2)
    rack-mini-profiler (1.0.1)
      rack (>= 1.2.0)
    rack-protection (2.0.7)
      rack
    rack-rewrite (1.5.1)
    rack-test (1.1.0)
      rack (>= 1.0, < 3)
    rack-timeout (0.5.1)
    rails (5.2.3)
      actioncable (= 5.2.3)
      actionmailer (= 5.2.3)
      actionpack (= 5.2.3)
      actionview (= 5.2.3)
      activejob (= 5.2.3)
      activemodel (= 5.2.3)
      activerecord (= 5.2.3)
      activestorage (= 5.2.3)
      activesupport (= 5.2.3)
      bundler (>= 1.3.0)
      railties (= 5.2.3)
      sprockets-rails (>= 2.0.0)
    rails-dom-testing (2.0.3)
      activesupport (>= 4.2.0)
      nokogiri (>= 1.6)
    rails-html-sanitizer (1.3.0)
      loofah (~> 2.3)
    railties (5.2.3)
      actionpack (= 5.2.3)
      activesupport (= 5.2.3)
      method_source
      rake (>= 0.8.7)
      thor (>= 0.19.0, < 2.0)
    rainbow (3.0.0)
    rake (13.0.0)
    ransack (2.1.1)
      actionpack (>= 5.0)
      activerecord (>= 5.0)
      activesupport (>= 5.0)
      i18n
    rb-fsevent (0.10.3)
    rb-inotify (0.10.0)
      ffi (~> 1.0)
    recursive-open-struct (1.1.0)
    redcarpet (3.5.0)
    redis (4.1.2)
    redis-actionpack (5.1.0)
      actionpack (>= 4.0, < 7)
      redis-rack (>= 1, < 3)
      redis-store (>= 1.1.0, < 2)
    redis-activesupport (5.2.0)
      activesupport (>= 3, < 7)
      redis-store (>= 1.3, < 2)
    redis-objects (1.4.3)
      redis (~> 4.0)
    redis-rack (2.0.5)
      rack (>= 1.5, < 3)
      redis-store (>= 1.2, < 2)
    redis-rails (5.0.2)
      redis-actionpack (>= 5.0, < 6)
      redis-activesupport (>= 5.0, < 6)
      redis-store (>= 1.2, < 2)
    redis-store (1.6.0)
      redis (>= 2.2, < 5)
    redlock (1.0.1)
      redis (>= 3.0.0, < 5.0)
    rein (5.0.0)
      activerecord (>= 4.0.0)
      activesupport (>= 4.0.0)
    request_store (1.4.1)
      rack (>= 1.4)
    responders (3.0.0)
      actionpack (>= 5.0)
      railties (>= 5.0)
    rspec-collection_matchers (1.1.3)
      rspec-expectations (>= 2.99.0.beta1)
    rspec-core (3.8.2)
      rspec-support (~> 3.8.0)
    rspec-expectations (3.8.4)
      diff-lcs (>= 1.2.0, < 2.0)
      rspec-support (~> 3.8.0)
    rspec-mocks (3.8.1)
      diff-lcs (>= 1.2.0, < 2.0)
      rspec-support (~> 3.8.0)
    rspec-rails (3.8.2)
      actionpack (>= 3.0)
      activesupport (>= 3.0)
      railties (>= 3.0)
      rspec-core (~> 3.8.0)
      rspec-expectations (~> 3.8.0)
      rspec-mocks (~> 3.8.0)
      rspec-support (~> 3.8.0)
    rspec-retry (0.6.1)
      rspec-core (> 3.3)
    rspec-sidekiq (3.0.3)
      rspec-core (~> 3.0, >= 3.0.0)
      sidekiq (>= 2.4.0)
    rspec-support (3.8.2)
    rspec_junit_formatter (0.4.1)
      rspec-core (>= 2, < 4, != 2.12.0)
    rubocop (0.63.1)
      jaro_winkler (~> 1.5.1)
      parallel (~> 1.10)
      parser (>= 2.5, != 2.5.1.1)
      powerpack (~> 0.1)
      rainbow (>= 2.2.2, < 4.0)
      ruby-progressbar (~> 1.7)
      unicode-display_width (~> 1.4.0)
    rubocop-rspec (1.32.0)
      rubocop (>= 0.60.0)
    ruby-prof (1.0.0)
    ruby-progressbar (1.10.1)
    ruby_dep (1.5.0)
    rufus-scheduler (3.6.0)
      fugit (~> 1.1, >= 1.1.6)
    secure_headers (6.1.1)
    sidecloq (0.4.7)
      concurrent-ruby
      redlock (>= 0.2.0, < 2)
      rufus-scheduler (~> 3.1, >= 3.1.10)
      sidekiq (>= 3.5.4, < 6)
    sidekiq (5.2.7)
      connection_pool (~> 2.2, >= 2.2.2)
      rack (>= 1.5.0)
      rack-protection (>= 1.5.0)
      redis (>= 3.3.5, < 5)
    sidekiq-unique-jobs (6.0.13)
      concurrent-ruby (~> 1.0, >= 1.0.5)
      sidekiq (>= 4.0, < 7.0)
      thor (~> 0)
    smart_params (2.4.0)
      activesupport (>= 5.2, >= 5.0.0, >= 4.1, >= 4.0.0)
      dry-types (~> 0.12)
      recursive-open-struct (~> 1.1)
    sprockets (3.7.2)
      concurrent-ruby (~> 1.0)
      rack (> 1, < 3)
    sprockets-rails (3.2.1)
      actionpack (>= 4.0)
      activesupport (>= 4.0)
      sprockets (>= 3.0.0)
    stackprof (0.2.12)
    state_machines (0.5.0)
    state_machines-activemodel (0.7.0)
      activemodel (>= 4.1, < 6.1)
      state_machines (>= 0.5.0)
    state_machines-activerecord (0.6.0)
      activerecord (>= 4.1)
      state_machines-activemodel (>= 0.5.0)
    strong_migrations (0.4.1)
      activerecord (>= 5)
    thor (0.20.3)
    thread_safe (0.3.6)
    timecop (0.9.1)
    tzinfo (1.2.5)
      thread_safe (~> 0.1)
    unicode-display_width (1.4.1)
    uniform_notifier (1.12.1)
    warden (1.2.8)
      rack (>= 2.0.6)
    websocket-driver (0.7.1)
      websocket-extensions (>= 0.1.0)
    websocket-extensions (0.1.4)
    yard (0.9.20)

PLATFORMS
  ruby

DEPENDENCIES
  action_operation (= 2.2.0)
  active_record-pool (= 2.0.0)
  active_record_query_trace (= 1.5.4)
  activerecord-like (= 2.2)
  activerecord-safer_migrations (= 2.0.0)
  addressable (= 2.6.0)
  ar_after_transaction (= 0.5.0)
  baby_squeel (= 1.3.1)
  bootsnap (= 1.4.4)
  brakeman (= 4.6.1)
  bullet (= 6.0.2)
  bundler-audit (= 0.6.1)
  connection_pool (= 2.2.2)
  database_cleaner (= 1.7.0)
  devise (= 4.7.1)
  devise-async (= 1.0.0)
  devise-security (= 0.14.3)
  dotenv-rails (= 2.7.5)
  down (= 4.8.1)
  draper (= 3.1.0)
  factory_bot_rails (= 5.0.2)
  faker (= 2.1.2)
  flag_shih_tzu (= 0.3.23)
  flamegraph (= 0.9.5)
  flipper (= 0.16.2)
  friendly_id (= 5.2.5)
  geocoder (= 1.5.1)
  goldiloader (= 3.1.0)
  google_places (= 1.2.0)
  groupdate (= 4.1.2)
  gutentag (= 2.5.2)
  highline (= 2.0.1)
  hiredis (= 0.6.3)
  jsonapi-materializer (= 1.0.0.rc6)
  jsonapi-realizer (= 6.0.0.rc3)
  kaminari (= 1.1.1)
  listen (= 3.1.5)
  memory_profiler (= 0.9.12)
  migration_data (= 0.3.1)
  mini_magick (= 4.9.4)
  money-rails (= 1.13.2)
  omniauth (= 1.9.0)
  paper_trail (= 10.0.1)
  paper_trail-background (= 1.0.2)
  pg (= 1.1.4)
  pry-byebug (= 3.7.0)
  pry-doc (= 1.0.0)
  pry-rails (= 0.3.9)
  puma (= 4.1.0)
  puma_worker_killer (= 0.1.1)
  pundit (= 2.1.0)
  rack-attack (= 5.4.2)
  rack-authentication_bearer (= 2.0.2)
  rack-cors (= 1.0.2)
  rack-mini-profiler (= 1.0.1)
  rack-rewrite (= 1.5.1)
  rack-timeout (= 0.5.1)
  rails (= 5.2.3)
  ransack (= 2.1.1)
  redcarpet (= 3.5.0)
  redis-objects (= 1.4.3)
  redis-rails (= 5.0.2)
  redlock (= 1.0.1)
  rein (= 5.0.0)
  rspec-collection_matchers (= 1.1.3)
  rspec-rails (= 3.8.2)
  rspec-retry (= 0.6.1)
  rspec-sidekiq (= 3.0.3)
  rspec_junit_formatter (= 0.4.1)
  rubocop (= 0.63.1)
  rubocop-rspec (= 1.32.0)
  ruby-prof (= 1.0.0)
  secure_headers (= 6.1.1)
  sidecloq (= 0.4.7)
  sidekiq (= 5.2.7)
  sidekiq-unique-jobs (= 6.0.13)
  smart_params (= 2.4.0)
  stackprof (= 0.2.12)
  state_machines-activerecord (= 0.6.0)
  strong_migrations (= 0.4.1)
  timecop (= 0.9.1)

RUBY VERSION
   ruby 2.6.2p47

BUNDLED WITH
   2.0.1
